GEM
  remote: https://rubygems.org/
  specs:
    actionmailer (3.2.5)
      actionpack (= 3.2.5)
      mail (~> 2.4.4)
    actionpack (3.2.5)
      activemodel (= 3.2.5)
      activesupport (= 3.2.5)
      builder (~> 3.0.0)
      erubis (~> 2.7.0)
      journey (~> 1.0.1)
      rack (~> 1.4.0)
      rack-cache (~> 1.2)
      rack-test (~> 0.6.1)
      sprockets (~> 2.1.3)
    activemodel (3.2.5)
      activesupport (= 3.2.5)
      builder (~> 3.0.0)
    activerecord (3.2.5)
      activemodel (= 3.2.5)
      activesupport (= 3.2.5)
      arel (~> 3.0.2)
      tzinfo (~> 0.3.29)
    activeresource (3.2.5)
      activemodel (= 3.2.5)
      activesupport (= 3.2.5)
    activesupport (3.2.5)
      i18n (~> 0.6)
      multi_json (~> 1.0)
    addressable (2.2.8)
    arel (3.0.2)
    attr_required (0.0.5)
    awesome_print (1.0.2)
    builder (3.0.0)
    coffee-rails (3.2.2)
      coffee-script (>= 2.2.0)
      railties (~> 3.2.0)
    coffee-script (2.2.0)
      coffee-script-source
      execjs
    coffee-script-source (1.3.3)
    commonjs (0.2.6)
    erubis (2.7.0)
    excon (0.14.0)
    execjs (1.4.0)
      multi_json (~> 1.0)
    factory_girl (3.3.0)
      activesupport (>= 3.0.0)
    factory_girl_rails (3.3.0)
      factory_girl (~> 3.3.0)
      railties (>= 3.0.0)
    fb_graph (2.4.16)
      httpclient (>= 2.2.0.2)
      rack-oauth2 (>= 0.14.4)
      tzinfo
    haml (3.1.6)
    haml-rails (0.3.4)
      actionpack (~> 3.0)
      activesupport (~> 3.0)
      haml (~> 3.0)
      railties (~> 3.0)
    heroku (2.26.5)
      heroku-api (~> 0.2.4)
      launchy (>= 0.3.2)
      netrc (~> 0.7.2)
      rest-client (~> 1.6.1)
      rubyzip
    heroku-api (0.2.4)
      excon (~> 0.14.0)
    hike (1.2.1)
    httpclient (2.2.5)
    i18n (0.6.0)
    journey (1.0.3)
    jquery-rails (2.0.2)
      railties (>= 3.2.0, < 5.0)
      thor (~> 0.14)
    json (1.7.3)
    launchy (2.1.0)
      addressable (~> 2.2.6)
    less (2.2.1)
      commonjs (~> 0.2.6)
    less-rails (2.2.3)
      actionpack (>= 3.1)
      less (~> 2.2.0)
    libv8 (3.3.10.4)
    mail (2.4.4)
      i18n (>= 0.4.0)
      mime-types (~> 1.16)
      treetop (~> 1.4.8)
    mime-types (1.18)
    money (5.0.0)
      i18n (~> 0.4)
      json
    multi_json (1.3.6)
    netrc (0.7.2)
    pg (0.13.2)
    polyglot (0.3.3)
    rack (1.4.1)
    rack-cache (1.2)
      rack (>= 0.4)
    rack-oauth2 (0.14.4)
      activesupport (>= 2.3)
      attr_required (>= 0.0.5)
      httpclient (>= 2.2.0.2)
      i18n
      json (>= 1.4.3)
      rack (>= 1.1)
    rack-ssl (1.3.2)
      rack
    rack-test (0.6.1)
      rack (>= 1.0)
    rails (3.2.5)
      actionmailer (= 3.2.5)
      actionpack (= 3.2.5)
      activerecord (= 3.2.5)
      activeresource (= 3.2.5)
      activesupport (= 3.2.5)
      bundler (~> 1.0)
      railties (= 3.2.5)
    railties (3.2.5)
      actionpack (= 3.2.5)
      activesupport (= 3.2.5)
      rack-ssl (~> 1.3.2)
      rake (>= 0.8.7)
      rdoc (~> 3.4)
      thor (>= 0.14.6, < 2.0)
    rake (0.8.7)
    rdoc (3.12)
      json (~> 1.4)
    rest-client (1.6.7)
      mime-types (>= 1.16)
    rubyzip (0.9.8)
    sass (3.1.19)
    sass-rails (3.2.5)
      railties (~> 3.2.0)
      sass (>= 3.1.10)
      tilt (~> 1.3)
    simple_form (2.0.2)
      actionpack (~> 3.0)
      activemodel (~> 3.0)
    sprockets (2.1.3)
      hike (~> 1.2)
      rack (~> 1.0)
      tilt (~> 1.1, != 1.3.0)
    sqlite3 (1.3.6)
    therubyracer (0.10.1)
      libv8 (~> 3.3.10)
    thor (0.15.2)
    tilt (1.3.3)
    treetop (1.4.10)
      polyglot
      polyglot (>= 0.3.1)
    twitter-bootstrap-rails (2.0.8)
      actionpack (>= 3.1)
      less-rails (~> 2.2.2)
      railties (>= 3.1)
      therubyracer (~> 0.10.1)
    tzinfo (0.3.33)
    uglifier (1.2.4)
      execjs (>= 0.3.0)
      multi_json (>= 1.0.2)

PLATFORMS
  ruby

DEPENDENCIES
  awesome_print
  coffee-rails (~> 3.2.1)
  factory_girl_rails (~> 3.0)
  fb_graph
  haml
  haml-rails
  heroku
  jquery-rails
  money
  pg
  rails (= 3.2.5)
  rake (= 0.8.7)
  sass-rails (~> 3.2.3)
  simple_form
  sqlite3
  twitter-bootstrap-rails
  uglifier (>= 1.0.3)
